GEM
  remote: https://rubygems.org/
  specs:
    bubble-wrap (1.1.0)
    rake (0.9.2.2)

PLATFORMS
  ruby

DEPENDENCIES
  bubble-wrap
  rake
